GIT
  remote: git://github.com/Compass/compass-rails.git
  revision: ab84a09c0b84cc979e78540be7bfcb386ef5047d
  specs:
    compass-rails (2.0.0.pre)
      compass (>= 0.12.2)
      sprockets (<= 2.11.0)

GIT
  remote: git://github.com/fjordllc/fnkss-rails
  revision: 25699b52704133daef2d3afc83cf561bf622469a
  specs:
    nkss-rails (0.0.1)
      albino
      ffaker
      haml
      kss
      nokogiri
      rails (>= 3.2.0)
      redcarpet

GIT
  remote: git://github.com/machida/sass-rails.git
  revision: b557b79845c254bbe6eb44f20e8f9fdca8539ba8
  branch: sass3
  specs:
    sass-rails (4.0.1)
      railties (>= 4.0.0, < 5.0)
      sass (~> 3.3.5)
      sprockets (~> 2.8, <= 2.11.0)
      sprockets-rails (~> 2.0)

GIT
  remote: git://github.com/nex3/sass.git
  revision: 48f303dddea69e38dd3110ad6109d51191658493
  tag: 3.3.5
  specs:
    sass (3.3.5)

GIT
  remote: git://github.com/radar/by_star
  revision: a5b99a5efa034fd5a43c9ef66aeb9ba4aacb32a5
  specs:
    by_star (2.2.0)
      activesupport

PATH
  remote: ../oulu-rails
  specs:
    oulu-rails (0.1.03)
      SassyLists
      ceaser-easing
      compass-rails
      compass-rgbapng
      rails-assets-Ladda
      rails-assets-font-awesome-animation
      railties
      respond-rails
      sass-mediaqueries-rails
      sass-rails
      sassy-maps
      toolkit

GEM
  remote: https://rubygems.org/
  remote: https://rails-assets.org/
  specs:
    SassyLists (1.0.0)
      compass (>= 0.12.1)
      sass (>= 3.2.0)
    actionmailer (4.1.0)
      actionpack (= 4.1.0)
      actionview (= 4.1.0)
      mail (~> 2.5.4)
    actionpack (4.1.0)
      actionview (= 4.1.0)
      activesupport (= 4.1.0)
      rack (~> 1.5.2)
      rack-test (~> 0.6.2)
    actionview (4.1.0)
      activesupport (= 4.1.0)
      builder (~> 3.1)
      erubis (~> 2.7.0)
    active_decorator (0.3.4)
    activemodel (4.1.0)
      activesupport (= 4.1.0)
      builder (~> 3.1)
    activerecord (4.1.0)
      activemodel (= 4.1.0)
      activesupport (= 4.1.0)
      arel (~> 5.0.0)
    activesupport (4.1.0)
      i18n (~> 0.6, >= 0.6.9)
      json (~> 1.7, >= 1.7.7)
      minitest (~> 5.1)
      thread_safe (~> 0.1)
      tzinfo (~> 1.1)
    acts-as-taggable-on (3.0.2)
      rails (>= 3, < 5)
    addressable (2.3.6)
    albino (1.3.3)
      posix-spawn (>= 0.3.6)
    arel (5.0.1.20140414130214)
    auto_html (1.6.4)
      redcarpet (~> 3.1)
      rinku (~> 1.5.0)
    bcrypt (3.1.7)
    breadcrumbs_on_rails (2.3.0)
    browser (0.4.1)
    builder (3.2.2)
    cancancan (1.7.1)
    carrierwave (0.10.0)
      activemodel (>= 3.2.0)
      activesupport (>= 3.2.0)
      json (>= 1.7)
      mime-types (>= 1.16)
    ceaser-easing (0.7)
      compass (>= 0.12.2)
      rake
    chunky_png (1.3.0)
    coderay (1.1.0)
    coffee-rails (4.0.1)
      coffee-script (>= 2.2.0)
      railties (>= 4.0.0, < 5.0)
    coffee-script (2.2.0)
      coffee-script-source
      execjs
    coffee-script-source (1.7.0)
    compass (1.0.0.alpha.19)
      chunky_png (~> 1.2)
      compass-core (~> 1.0.0.alpha.19)
      compass-import-once (~> 1.0.3)
      json
      listen (~> 1.1.0)
      sass (>= 3.3.0, < 3.5)
    compass-core (1.0.0.alpha.19)
      multi_json (~> 1.0)
      sass (>= 3.3.0, < 3.5)
    compass-import-once (1.0.4)
      sass (>= 3.2, < 3.5)
    compass-rgbapng (0.2.1)
      chunky_png (>= 0.8.0)
      compass (>= 0.10.0)
    devise (3.2.4)
      bcrypt (~> 3.0)
      orm_adapter (~> 0.1)
      railties (>= 3.2.6, < 5)
      thread_safe (~> 0.1)
      warden (~> 1.2.3)
    domain_name (0.5.18)
      unf (>= 0.0.5, < 1.0.0)
    erb2haml (0.1.5)
      html2haml
    erubis (2.7.0)
    excon (0.33.0)
    execjs (2.0.2)
    ffaker (1.24.0)
    ffi (1.9.3)
    figaro (0.7.0)
      bundler (~> 1.0)
      rails (>= 3, < 5)
    fog (1.22.0)
      fog-brightbox
      fog-core (~> 1.21, >= 1.21.1)
      fog-json
      nokogiri (~> 1.5, >= 1.5.11)
    fog-brightbox (0.0.2)
      fog-core
      fog-json
    fog-core (1.22.0)
      builder
      excon (~> 0.33)
      formatador (~> 0.2)
      mime-types
      net-scp (~> 1.1)
      net-ssh (>= 2.1.3)
    fog-json (1.0.0)
      multi_json (~> 1.0)
    formatador (0.2.4)
    friendly_id (5.0.3)
      activerecord (>= 4.0.0)
    glitched_string (0.2.0)
    google-analytics-rails (0.0.5)
    google-code-prettify-rails (1.1.0)
      railties (>= 3.2.0.beta, < 5.0)
      thor (~> 0.14)
    haml (4.1.0.beta.1)
      tilt
    haml-rails (0.5.3)
      actionpack (>= 4.0.1)
      activesupport (>= 4.0.1)
      haml (>= 3.1, < 5.0)
      railties (>= 4.0.1)
    hike (1.2.3)
    hpricot (0.8.6)
    html2haml (1.0.1)
      erubis (~> 2.7.0)
      haml (>= 4.0.0.rc.1)
      hpricot (~> 0.8.6)
      ruby_parser (~> 3.1.1)
    http-cookie (1.0.2)
      domain_name (~> 0.5)
    i18n (0.6.9)
    i18n_generators (1.2.1)
      mechanize
      rails (>= 3.0.0)
    jbuilder (1.5.3)
      activesupport (>= 3.0.0)
      multi_json (>= 1.2.0)
    jquery-fileupload-rails (0.4.1)
      actionpack (>= 3.1)
      railties (>= 3.1)
    jquery-rails (3.1.0)
      railties (>= 3.0, < 5.0)
      thor (>= 0.14, < 2.0)
    jquery-rails-cdn (1.0.1)
      jquery-rails
    jquery-turbolinks (2.0.2)
      railties (>= 3.1.0)
      turbolinks
    json (1.8.1)
    kaminari (0.15.1)
      actionpack (>= 3.0.0)
      activesupport (>= 3.0.0)
    kss (0.5.0)
    launchy (2.4.2)
      addressable (~> 2.3)
    letter_opener (1.2.0)
      launchy (~> 2.2)
    listen (1.1.6)
      rb-fsevent (>= 0.9.3)
      rb-inotify (>= 0.9)
      rb-kqueue (>= 0.2)
    magnific-popup-rails (0.9.9)
    mail (2.5.4)
      mime-types (~> 1.16)
      treetop (~> 1.4.8)
    mechanize (2.7.2)
      domain_name (~> 0.5, >= 0.5.1)
      http-cookie (~> 1.0.0)
      mime-types (~> 1.17, >= 1.17.2)
      net-http-digest_auth (~> 1.1, >= 1.1.1)
      net-http-persistent (~> 2.5, >= 2.5.2)
      nokogiri (~> 1.4)
      ntlm-http (~> 0.1, >= 0.1.1)
      webrobots (>= 0.0.9, < 0.2)
    method_source (0.8.2)
    mime-types (1.25.1)
    mini_magick (3.7.0)
      subexec (~> 0.2.1)
    mini_portile (0.5.3)
    minitest (5.3.3)
    modernizr-rails (2.7.1)
    multi_json (1.9.2)
    net-http-digest_auth (1.4)
    net-http-persistent (2.9.4)
    net-scp (1.2.0)
      net-ssh (>= 2.6.5)
    net-ssh (2.8.0)
    nokogiri (1.6.1)
      mini_portile (~> 0.5.0)
    ntlm-http (0.1.1)
    orm_adapter (0.5.0)
    owlcarousel-rails (1.1.3.2)
      jquery-rails
    pg (0.17.1)
    polyglot (0.3.4)
    posix-spawn (0.3.8)
    pry (0.9.12.6)
      coderay (~> 1.0)
      method_source (~> 0.8)
      slop (~> 3.4)
    pry-doc (0.6.0)
      pry (~> 0.9)
      yard (~> 0.8)
    pry-rails (0.3.2)
      pry (>= 0.9.10)
    puma (2.8.2)
      rack (>= 1.1, < 2.0)
    rack (1.5.2)
    rack-test (0.6.2)
      rack (>= 1.0)
    rails (4.1.0)
      actionmailer (= 4.1.0)
      actionpack (= 4.1.0)
      actionview (= 4.1.0)
      activemodel (= 4.1.0)
      activerecord (= 4.1.0)
      activesupport (= 4.1.0)
      bundler (>= 1.3.0, < 2.0)
      railties (= 4.1.0)
      sprockets-rails (~> 2.0)
    rails-assets-Ladda (0.9.3)
      rails-assets-spin.js (~> 1.3.0)
    rails-assets-datetimepicker (2.2.5)
      rails-assets-jquery (>= 1.7.2)
    rails-assets-font-awesome-animation (0.0.4)
    rails-assets-jquery (2.1.0)
    rails-assets-spin.js (1.3.3)
    rails_12factor (0.0.2)
      rails_serve_static_assets
      rails_stdout_logging
    rails_serve_static_assets (0.0.2)
    rails_stdout_logging (0.0.3)
    railties (4.1.0)
      actionpack (= 4.1.0)
      activesupport (= 4.1.0)
      rake (>= 0.8.7)
      thor (>= 0.18.1, < 2.0)
    rake (10.3.1)
    rb-fsevent (0.9.4)
    rb-inotify (0.9.3)
      ffi (>= 0.5.0)
    rb-kqueue (0.2.2)
      ffi (>= 0.5.0)
    rdoc (4.1.1)
      json (~> 1.4)
    redcarpet (3.1.1)
    remotipart (1.2.1)
    respond-rails (1.0.1)
      railties (>= 3.1.0)
    rinku (1.5.1)
    ruby_parser (3.1.3)
      sexp_processor (~> 4.1)
    sass-mediaqueries-rails (1.3)
      sass (>= 3.2.0)
    sassy-maps (0.3.2)
      compass (~> 1.0.0.alpha.13)
      sass (~> 3.3.0.rc.2)
    sdoc (0.4.0)
      json (~> 1.8)
      rdoc (~> 4.0, < 5.0)
    sexp_processor (4.4.3)
    slop (3.5.0)
    sprockets (2.11.0)
      hike (~> 1.2)
      multi_json (~> 1.0)
      rack (~> 1.0)
      tilt (~> 1.1, != 1.3.0)
    sprockets-rails (2.1.3)
      actionpack (>= 3.0)
      activesupport (>= 3.0)
      sprockets (~> 2.8)
    sqlite3 (1.3.9)
    subexec (0.2.3)
    thor (0.19.1)
    thread_safe (0.3.3)
    tilt (1.4.1)
    toolkit (2.3.0)
      sass (~> 3.3.0)
    treetop (1.4.15)
      polyglot
      polyglot (>= 0.3.1)
    turbolinks (2.2.2)
      coffee-rails
    tzinfo (1.1.0)
      thread_safe (~> 0.1)
    uglifier (2.5.0)
      execjs (>= 0.3.0)
      json (>= 1.8.0)
    unf (0.1.4)
      unf_ext
    unf_ext (0.0.6)
    warden (1.2.3)
      rack (>= 1.0)
    watson-ruby (1.6.3)
      json
    webrobots (0.1.1)
    xray-rails (0.1.14)
      coffee-rails
      rails (>= 3.1.0)
    yard (0.8.7.4)

PLATFORMS
  ruby

DEPENDENCIES
  active_decorator
  acts-as-taggable-on (~> 3.0.1)
  auto_html
  breadcrumbs_on_rails
  browser
  by_star!
  cancancan
  carrierwave
  coffee-rails (~> 4.0.0)
  compass (~> 1.0.0.alpha.18)
  compass-rails!
  devise
  erb2haml
  figaro
  fog
  friendly_id (~> 5.0.0)
  glitched_string
  google-analytics-rails
  google-code-prettify-rails
  haml-rails
  i18n_generators
  jbuilder (~> 1.2)
  jquery-fileupload-rails
  jquery-rails-cdn
  jquery-turbolinks
  kaminari
  letter_opener
  magnific-popup-rails
  mini_magick
  modernizr-rails
  nkss-rails!
  nokogiri
  oulu-rails!
  owlcarousel-rails
  pg
  pry
  pry-doc
  pry-rails
  puma
  rails (>= 4.0.2)
  rails-assets-datetimepicker
  rails_12factor
  redcarpet
  remotipart (~> 1.0)
  sass!
  sass-rails!
  sdoc
  sqlite3
  turbolinks
  uglifier (>= 1.3.0)
  watson-ruby
  xray-rails
